GEM
  remote: https://rubygems.org/
  specs:
    ffi (1.1.5)
    i18n (0.6.0)
    kramdown (0.13.7)
    magic (0.2.6)
      ffi (>= 0.6.3)
    mail (2.3.3)
      i18n (>= 0.4.0)
      mime-types (~> 1.16)
      treetop (~> 1.4.8)
    mime-types (1.19)
    nokogiri (1.5.5)
    polyglot (0.3.3)
    rake (0.9.2.2)
    treetop (1.4.10)
      polyglot
      polyglot (>= 0.3.1)
    yard (0.8.2.1)

PLATFORMS
  ruby

DEPENDENCIES
  kramdown (~> 0.13.7)
  magic (~> 0.2.6)
  mail (~> 2.3.3)
  mime-types (~> 1.19)
  nokogiri (~> 1.5.5)
  rake (~> 0.9)
  yard (~> 0.8)
