GEM
  remote: https://rubygems.org/
  specs:
    domain_name (0.5.3)
      unf (~> 0.0.3)
    ffi (1.1.5)
    i18n (0.6.0)
    magic (0.2.6)
      ffi (>= 0.6.3)
    mail (2.3.3)
      i18n (>= 0.4.0)
      mime-types (~> 1.16)
      treetop (~> 1.4.8)
    mechanize (2.5.1)
      domain_name (~> 0.5, >= 0.5.1)
      mime-types (~> 1.17, >= 1.17.2)
      net-http-digest_auth (~> 1.1, >= 1.1.1)
      net-http-persistent (~> 2.5, >= 2.5.2)
      nokogiri (~> 1.4)
      ntlm-http (~> 0.1, >= 0.1.1)
      webrobots (~> 0.0, >= 0.0.9)
    mime-types (1.19)
    net-http-digest_auth (1.2.1)
    net-http-persistent (2.7)
    nokogiri (1.5.5)
    ntlm-http (0.1.1)
    polyglot (0.3.3)
    rake (0.9.2.2)
    treetop (1.4.10)
      polyglot
      polyglot (>= 0.3.1)
    unf (0.0.5)
      unf_ext
    unf_ext (0.0.5)
    webrobots (0.0.13)

PLATFORMS
  ruby

DEPENDENCIES
  magic (~> 0.2.6)
  mail (~> 2.3.3)
  mechanize (~> 2.5.1)
  mime-types (~> 1.19)
  nokogiri (~> 1.5.5)
  rake (~> 0.9)
